GEM
  remote: http://rubygems.org/
  specs:
    backports (2.6.1)
    daemons (1.1.8)
    eventmachine (0.12.10)
    foreman (0.47.0)
      thor (>= 0.13.6)
    haml (3.1.6)
    json (1.7.3)
    nokogiri (1.5.2)
    rack (1.4.1)
    rack-protection (1.2.0)
      rack
    rack-test (0.6.1)
      rack (>= 1.0)
    sass (3.1.19)
    sinatra (1.3.2)
      rack (~> 1.3, >= 1.3.6)
      rack-protection (~> 1.2)
      tilt (~> 1.3, >= 1.3.3)
    sinatra-content-for (0.2)
      sinatra
    sinatra-contrib (1.3.1)
      backports (>= 2.0)
      eventmachine
      rack-protection
      rack-test
      sinatra (~> 1.3.0)
      tilt (~> 1.3)
    sinatra-reloader (1.0)
      sinatra-contrib
    thin (1.3.1)
      daemons (>= 1.0.9)
      eventmachine (>= 0.12.6)
      rack (>= 1.0.0)
    thor (0.15.2)
    tilt (1.3.3)
    tiqav (0.0.1)
      nokogiri (>= 1.5.2)

PLATFORMS
  ruby

DEPENDENCIES
  foreman
  haml
  json
  rack
  sass
  sinatra
  sinatra-content-for
  sinatra-reloader
  thin
  tiqav
