GEM
  remote: http://rubygems.org/
  specs:
    addressable (2.2.8)
    backports (2.6.1)
    daemons (1.1.8)
    eventmachine (0.12.10)
    foreman (0.47.0)
      thor (>= 0.13.6)
    haml (3.1.6)
    json (1.7.3)
    rack (1.4.1)
    rack-protection (1.2.0)
      rack
    rack-test (0.6.1)
      rack (>= 1.0)
    sass (3.1.19)
    sinatra (1.3.2)
      rack (~> 1.3, >= 1.3.6)
      rack-protection (~> 1.2)
      tilt (~> 1.3, >= 1.3.3)
    sinatra-contrib (1.3.1)
      backports (>= 2.0)
      eventmachine
      rack-protection
      rack-test
      sinatra (~> 1.3.0)
      tilt (~> 1.3)
    thin (1.3.1)
      daemons (>= 1.0.9)
      eventmachine (>= 0.12.6)
      rack (>= 1.0.0)
    thor (0.15.2)
    tilt (1.3.3)
    tiqav (0.0.5)
      addressable (>= 2.2.8)
      json (>= 1.5.4)
    tmp_cache (0.0.3)

PLATFORMS
  ruby

DEPENDENCIES
  foreman
  haml
  json
  rack
  sass
  sinatra
  sinatra-contrib
  thin
  tiqav
  tmp_cache
